PATH
  remote: ../matrack
  specs:

GEM
  remote: https://rubygems.org/
  specs:

PLATFORMS
  ruby

DEPENDENCIES
  matrack!

BUNDLED WITH
   1.10.6
